GEM
  remote: https://rubygems.org/
  specs:
    mime-types (1.23)
    pg (0.15.1)
    rack (1.0.1)
    rest-client (1.6.7)
      mime-types (>= 1.16)
    sequel (3.20.0)
    sinatra (1.0)
      rack (>= 1.0)
    sqlite3 (1.3.7)
    taps (0.3.24)
      rack (>= 1.0.1)
      rest-client (>= 1.4.0, < 1.7.0)
      sequel (~> 3.20.0)
      sinatra (~> 1.0.0)

PLATFORMS
  ruby

DEPENDENCIES
  pg
  rack (= 1.0.1)
  sinatra
  sqlite3
  taps (~> 0.3.24)
